GEM
  remote: https://rubygems.org/
  specs:
    sequel (4.9.0)

PLATFORMS
  ruby

DEPENDENCIES
  sequel (~> 4.9.0)
